GEM
  remote: https://rubygems.org/
  specs:
    diff-lcs (1.1.3)
    pg (0.14.0)
    rspec (2.10.0)
      rspec-core (~> 2.10.0)
      rspec-expectations (~> 2.10.0)
      rspec-mocks (~> 2.10.0)
    rspec-core (2.10.1)
    rspec-expectations (2.10.0)
      diff-lcs (~> 1.1.3)
    rspec-mocks (2.10.1)
    sequel (3.37.0)

PLATFORMS
  ruby

DEPENDENCIES
  pg
  rspec
  sequel (~> 3.37.0)
